GEM
  remote: https://rubygems.org/
  specs:
    callsite (0.0.11)
    coderay (1.1.2)
    diff-lcs (1.1.3)
    method_source (0.8.2)
    pry (0.11.0)
      coderay (~> 1.1.0)
      method_source (~> 0.8.1)
    rack (1.3.6)
    rake (0.9.2.2)
    renee (0.3.11)
      renee-core (= 0.3.11)
      renee-render (= 0.3.11)
    renee-core (0.3.11)
      rack (~> 1.3.0)
    renee-render (0.3.11)
      callsite (~> 0.0.6)
      rack (~> 1.3.0)
      renee-core (= 0.3.11)
      tilt (~> 1.3.3)
    rspec-core (2.8.0)
    rspec-expectations (2.8.0)
      diff-lcs (~> 1.1.2)
    rspec-mocks (2.8.0)
    snmp (1.3.2)
    tilt (1.3.3)

PLATFORMS
  ruby

DEPENDENCIES
  pry (~> 0.11.0)
  rake
  renee (~> 0.3.11)
  rspec-core (~> 2.8.0)
  rspec-expectations (~> 2.8.0)
  rspec-mocks (~> 2.8.0)
  snmp (~> 1.3.2)

BUNDLED WITH
   2.1.4
