GEM
  remote: https://rubygems.org/
  specs:
    coderay (1.1.2)
    diff-lcs (1.1.3)
    method_source (0.8.2)
    mustermann (1.1.1)
      ruby2_keywords (~> 0.0.1)
    pry (0.11.0)
      coderay (~> 1.1.0)
      method_source (~> 0.8.1)
    rack (2.2.2)
    rack-protection (2.0.8.1)
      rack
    rake (0.9.2.2)
    rspec-core (2.8.0)
    rspec-expectations (2.8.0)
      diff-lcs (~> 1.1.2)
    rspec-mocks (2.8.0)
    ruby2_keywords (0.0.2)
    sinatra (2.0.8.1)
      mustermann (~> 1.0)
      rack (~> 2.0)
      rack-protection (= 2.0.8.1)
      tilt (~> 2.0)
    snmp (1.3.2)
    tilt (2.0.10)

PLATFORMS
  ruby

DEPENDENCIES
  pry (~> 0.11.0)
  rake
  rspec-core (~> 2.8.0)
  rspec-expectations (~> 2.8.0)
  rspec-mocks (~> 2.8.0)
  sinatra (~> 2.0.8.1)
  snmp (~> 1.3.2)

BUNDLED WITH
   2.1.4
